PATH
  remote: .
  specs:
    cloud_connect (3.3.0)
      addressable (~> 2.2)
      faraday (~> 1.0)
      faraday_middleware (~> 1.0)
      hashie (~> 3.3.2)
      multi_json

GEM
  remote: https://rubygems.org/
  specs:
    addressable (2.7.0)
      public_suffix (>= 2.0.2, < 5.0)
    crack (0.4.5)
      rexml
    diff-lcs (1.4.4)
    docile (1.3.4)
    faraday (1.3.0)
      faraday-net_http (~> 1.0)
      multipart-post (>= 1.2, < 3)
      ruby2_keywords
    faraday-net_http (1.0.0)
    faraday_middleware (1.0.0)
      faraday (~> 1.0)
    hashdiff (1.0.1)
    hashie (3.3.2)
    json (2.5.1)
    maruku (0.7.3)
    multi_json (1.15.0)
    multipart-post (2.1.1)
    public_suffix (4.0.6)
    rake (13.0.3)
    rexml (3.2.4)
    rspec (3.10.0)
      rspec-core (~> 3.10.0)
      rspec-expectations (~> 3.10.0)
      rspec-mocks (~> 3.10.0)
    rspec-core (3.10.1)
      rspec-support (~> 3.10.0)
    rspec-expectations (3.10.1)
      diff-lcs (>= 1.2.0, < 2.0)
      rspec-support (~> 3.10.0)
    rspec-mocks (3.10.1)
      diff-lcs (>= 1.2.0, < 2.0)
      rspec-support (~> 3.10.0)
    rspec-support (3.10.1)
    ruby2_keywords (0.0.2)
    simplecov (0.21.1)
      docile (~> 1.1)
      simplecov-html (~> 0.11)
      simplecov_json_formatter (~> 0.1)
    simplecov-html (0.12.3)
    simplecov_json_formatter (0.1.2)
    webmock (3.11.0)
      addressable (>= 2.3.6)
      crack (>= 0.3.2)
      hashdiff (>= 0.4.0, < 2.0.0)
    yard (0.9.26)

PLATFORMS
  ruby

DEPENDENCIES
  cloud_connect!
  json (~> 2.3)
  maruku
  rake
  rspec
  simplecov
  webmock
  yard

BUNDLED WITH
   1.17.3
